PATH
  remote: .
  specs:
    cleverbot-api (0.0.4)
      rest-client

GEM
  specs:
    mime-types (1.25.1)
    netrc (0.7.7)
    rest-client (1.7.2)
      mime-types (>= 1.16, < 3.0)
      netrc (~> 0.7)

PLATFORMS
  ruby

DEPENDENCIES
  cleverbot-api!
